GEM
  remote: https://rubygems.org/
  specs:
    mini_portile2 (2.8.6)
    rake (13.2.1)

PLATFORMS
  aarch64-linux-musl
  x86_64-linux

DEPENDENCIES
  mini_portile2 (~> 2.8.6)
  rake (~> 13.2.1)

BUNDLED WITH
   2.4.9
