GEM
  remote: https://rubygems.org/
  specs:
    mini_portile2 (2.8.1)
    rake (13.0.6)

PLATFORMS
  x86_64-linux

DEPENDENCIES
  mini_portile2 (~> 2.8.1)
  rake (~> 13.0.6)

BUNDLED WITH
   2.4.9
